GEM
  remote: https://rubygems.org/
  specs:
    rack (3.0.6.1)
    rack-test (2.1.0)
      rack (>= 1.3)

PLATFORMS
  ruby

DEPENDENCIES
  rack (>= 2.2.6.4)
  rack-test

BUNDLED WITH
   2.1.4
