GEM
  remote: https://rubygems.org/
  specs:
    rack (2.2.3.1)
    rack-test (1.1.0)
      rack (>= 1.0, < 3)

PLATFORMS
  ruby

DEPENDENCIES
  rack (>= 2.0.9.1)
  rack-test

BUNDLED WITH
   2.1.4
