GEM
  remote: https://rubygems.org/
  specs:
    rack (3.0.4.2)
    rack-test (2.0.2)
      rack (>= 1.3)

PLATFORMS
  ruby

DEPENDENCIES
  rack (>= 2.0.9.3)
  rack-test

BUNDLED WITH
   2.1.4
