GEM
  remote: https://rubygems.org/
  specs:
    rack (3.0.0)
    rack-test (2.0.2)
      rack (>= 1.3)

PLATFORMS
  ruby

DEPENDENCIES
  rack (>= 3.0.0)
  rack-test (>= 2.0.0)

BUNDLED WITH
   2.1.4
